GEM
  remote: https://rubygems.org/
  specs:
    bigdecimal (3.1.8)
    coffee-script (2.4.1)
      coffee-script-source
      execjs
    coffee-script-source (1.12.2)
    execjs (2.9.1)
    foreman (0.88.1)
    google-protobuf (4.28.0)
      bigdecimal
      rake (>= 13)
    google-protobuf (4.28.0-x86_64-linux)
      bigdecimal
      rake (>= 13)
    rake (13.2.1)
    sass-embedded (1.78.0)
      google-protobuf (~> 4.27)
      rake (>= 13)
    sass-embedded (1.78.0-x86_64-linux-gnu)
      google-protobuf (~> 4.27)
    slim (5.2.1)
      temple (~> 0.10.0)
      tilt (>= 2.1.0)
    temple (0.10.3)
    tilt (2.4.0)

PLATFORMS
  ruby
  x86_64-linux

DEPENDENCIES
  coffee-script (~> 2.4)
  foreman (~> 0.88.1)
  sass-embedded (~> 1.78)
  slim (~> 5.2)
  tilt (~> 2.4)

BUNDLED WITH
   2.5.11
